GEM
  remote: http://rubygems.org/
  specs:
    chunky_png (1.2.6)
    colored (1.2)
    compass (0.12.2)
      chunky_png (~> 1.2)
      fssm (>= 0.2.7)
      sass (~> 3.1)
    cri (2.3.0)
      colored (>= 1.2)
    fssm (0.2.9)
    i18n (0.6.1)
    mail (2.5.3)
      i18n (>= 0.4.0)
      mime-types (~> 1.16)
      treetop (~> 1.4.8)
    mime-types (1.19)
    nanoc (3.4.2)
      cri (~> 2.2)
    polyglot (0.3.3)
    pony (1.4)
      mail (> 2.0)
    rack (1.2.1)
    sass (3.2.1)
    sinatra (1.2.8)
      rack (~> 1.1)
      tilt (>= 1.2.2, < 2.0)
    tilt (1.3.3)
    treetop (1.4.12)
      polyglot
      polyglot (>= 0.3.1)

PLATFORMS
  ruby

DEPENDENCIES
  compass
  nanoc
  pony
  rack (= 1.2.1)
  sass (= 3.2.1)
  sinatra
